GEM
  remote: https://rubygems.org/
  specs:
    activesupport (4.2.5)
      i18n (~> 0.7)
      json (~> 1.7, >= 1.7.7)
      minitest (~> 5.1)
      thread_safe (~> 0.3, >= 0.3.4)
      tzinfo (~> 1.1)
    fetcher (0.4.5)
      logutils (>= 0.6)
    gli (2.13.4)
    i18n (0.7.0)
    json (1.8.3)
    kramdown (1.9.0)
    logutils (0.6.1)
    markdown (1.2.0)
      kramdown (>= 1.5.0)
      props (>= 1.1.2)
      textutils (>= 0.10.0)
    minitest (5.8.4)
    pakman (0.5.0)
      fetcher (>= 0.3.0)
      logutils (>= 0.6.0)
    props (1.1.2)
    rack (1.6.4)
    rack-protection (1.5.3)
      rack
    rake (10.5.0)
    rubyzip (1.1.7)
    sinatra (1.4.6)
      rack (~> 1.4)
      rack-protection (~> 1.4)
      tilt (>= 1.3, < 3)
    slideshow (2.4.1)
      gli (>= 2.5.6)
      slideshow-models (>= 2.4.0)
      slideshow-templates (>= 2.4.0)
    slideshow-models (2.5.0)
      activesupport
      logutils (>= 0.6.1)
      markdown (>= 1.2.0)
      pakman (>= 0.5.0)
      props (>= 1.1.2)
      textutils (>= 0.10.0)
    slideshow-templates (2.4.0)
    textutils (1.4.0)
      activesupport
      logutils (>= 0.6.1)
      props (>= 1.1.2)
      rubyzip (>= 1.0.0)
    thread_safe (0.3.5)
    tilt (2.0.2)
    tzinfo (1.2.2)
      thread_safe (~> 0.1)

PLATFORMS
  ruby

DEPENDENCIES
  rake
  sinatra
  slideshow

BUNDLED WITH
   1.11.2
